GEM
  remote: https://ruby.taobao.org/
  specs:
    activemodel (5.0.0.1)
      activesupport (= 5.0.0.1)
    activerecord (5.0.0.1)
      activemodel (= 5.0.0.1)
      activesupport (= 5.0.0.1)
      arel (~> 7.0)
    activesupport (5.0.0.1)
      concurrent-ruby (~> 1.0, >= 1.0.2)
      i18n (~> 0.7)
      minitest (~> 5.1)
      tzinfo (~> 1.1)
    arel (7.1.4)
    awesome_print (1.7.0)
    coderay (1.1.1)
    concurrent-ruby (1.0.2)
    domain_name (0.5.20161021)
      unf (>= 0.0.5, < 1.0.0)
    dotenv (2.1.1)
    ffi (1.9.14)
    http-cookie (1.0.3)
      domain_name (~> 0.5)
    i18n (0.7.0)
    listen (3.1.5)
      rb-fsevent (~> 0.9, >= 0.9.4)
      rb-inotify (~> 0.9, >= 0.9.7)
      ruby_dep (~> 1.2)
    method_source (0.8.2)
    mime-types (3.1)
      mime-types-data (~> 3.2015)
    mime-types-data (3.2016.0521)
    mini_portile2 (2.1.0)
    minitest (5.9.1)
    netrc (0.11.0)
    nokogiri (1.6.8.1)
      mini_portile2 (~> 2.1.0)
    pry (0.10.4)
      coderay (~> 1.1.0)
      method_source (~> 0.8.1)
      slop (~> 3.4)
    pry-remote (0.1.8)
      pry (~> 0.9)
      slop (~> 3.0)
    puma (3.6.0)
    rack (1.6.5)
    rack-protection (1.5.3)
      rack
    rb-fsevent (0.9.8)
    rb-inotify (0.9.7)
      ffi (>= 0.5.0)
    rb-readline (0.5.3)
    rerun (0.11.0)
      listen (~> 3.0)
    rest-client (2.0.0)
      http-cookie (>= 1.0.2, < 2.0)
      mime-types (>= 1.16, < 4.0)
      netrc (~> 0.8)
    rotp (3.3.0)
    ruby_dep (1.5.0)
    sinatra (1.4.7)
      rack (~> 1.5)
      rack-protection (~> 1.4)
      tilt (>= 1.3, < 3)
    sinatra-activerecord (2.0.11)
      activerecord (>= 3.2)
      sinatra (~> 1.0)
    slop (3.6.0)
    sqlite3 (1.3.12)
    thread_safe (0.3.5)
    tilt (2.0.5)
    tzinfo (1.2.2)
      thread_safe (~> 0.1)
    unf (0.1.4)
      unf_ext
    unf_ext (0.0.7.2)
    wechat-adapter (0.0.3)
      rest-client

PLATFORMS
  ruby

DEPENDENCIES
  awesome_print
  dotenv
  nokogiri
  pry
  pry-remote
  puma
  rb-readline
  rerun
  rotp
  sinatra
  sinatra-activerecord
  sqlite3
  wechat-adapter

BUNDLED WITH
   1.13.6
